GEM
  remote: https://rubygems.org/
  specs:
    inifile (3.0.0)
    thor (0.20.3)

PLATFORMS
  ruby

DEPENDENCIES
  inifile
  thor

BUNDLED WITH
   1.16.2
